GEM
  remote: https://rubygems.org/
  specs:
    pdf-core (0.9.0)
    prawn (2.4.0)
      pdf-core (~> 0.9.0)
      ttfunk (~> 1.7)
    ttfunk (1.7.0)

PLATFORMS
  x64-mingw-ucrt

DEPENDENCIES
  prawn

BUNDLED WITH
   2.3.7
